PATH
  remote: .
  specs:
    script_ripper (0.1.0)
      nokogiri (~> 1.13)

GEM
  remote: https://rubygems.org/
  specs:
    addressable (2.8.1)
      public_suffix (>= 2.0.2, < 6.0)
    crack (0.4.5)
      rexml
    debug (1.6.2)
      irb (>= 1.3.6)
      reline (>= 0.3.1)
    hashdiff (1.0.1)
    io-console (0.5.11)
    irb (1.4.1)
      reline (>= 0.3.0)
    minitest (5.16.3)
    mocha (1.14.0)
    nokogiri (1.13.8-arm64-darwin)
      racc (~> 1.4)
    public_suffix (5.0.0)
    racc (1.6.0)
    rake (13.0.6)
    reline (0.3.1)
      io-console (~> 0.5)
    rexml (3.2.5)
    vcr (6.1.0)
    webmock (3.18.1)
      addressable (>= 2.8.0)
      crack (>= 0.3.2)
      hashdiff (>= 0.4.0, < 2.0.0)

PLATFORMS
  arm64-darwin-21

DEPENDENCIES
  bundler (~> 2.3)
  debug (~> 1.6)
  minitest (~> 5.16)
  mocha (~> 1.14)
  rake (~> 13.0)
  script_ripper!
  vcr (= 6.1.0)
  webmock (~> 3.18)

BUNDLED WITH
   2.3.7
